GEM
  remote: https://rubygems.org/
  specs:
    ox (2.1.6)
    ruby-ole (1.2.11.8)
    spreadsheet (1.0.1)
      ruby-ole (>= 1.0)

PLATFORMS
  ruby

DEPENDENCIES
  ox
  spreadsheet
